PATH
  remote: .
  specs:
    jsrequire (0.2.0)

GEM
  remote: https://rubygems.org/
  specs:
    minitest (5.2.0)
    rake (10.1.1)

PLATFORMS
  ruby

DEPENDENCIES
  bundler (~> 1.3)
  jsrequire!
  minitest
  rake
