PATH
  remote: .
  specs:
    jsrequire (0.2.0)

GEM
  remote: https://rubygems.org/
  specs:
    activesupport (3.2.16)
      i18n (~> 0.6, >= 0.6.4)
      multi_json (~> 1.0)
    i18n (0.6.9)
    minitest (5.2.0)
    multi_json (1.8.2)
    rake (10.1.1)

PLATFORMS
  ruby

DEPENDENCIES
  activesupport
  bundler (~> 1.3)
  jsrequire!
  minitest
  rake
